GEM
  remote: http://rubygems.org/
  specs:
    builder (3.0.0)
    crypt (1.1.4)
    diff-lcs (1.1.2)
    hoe (2.8.0)
      rake (>= 0.8.7)
    mechanize (0.9.3)
      nokogiri (>= 1.2.1)
    nokogiri (1.4.0)
    nokogiri (1.4.0-java)
    rake (0.8.7)
    rawr (1.4.5)
      rubyzip
      user-choices
    rspec (2.4.0)
      rspec-core (~> 2.4.0)
      rspec-expectations (~> 2.4.0)
      rspec-mocks (~> 2.4.0)
    rspec-core (2.4.0)
    rspec-expectations (2.4.0)
      diff-lcs (~> 1.1.2)
    rspec-mocks (2.4.0)
    rubyzip (0.9.4)
    s4t-utils (1.0.4)
      hoe (>= 1.3.0)
    user-choices (1.1.6.1)
      builder (>= 2.1.2)
      s4t-utils (>= 1.0.3)
      xml-simple (>= 1.0.11)
    xml-simple (1.0.12)

PLATFORMS
  java
  ruby

DEPENDENCIES
  crypt
  mechanize (= 0.9.3)
  nokogiri (= 1.4.0)
  rawr
  rspec
