GEM
  remote: http://rubygems.org/
  specs:
    diff-lcs (1.1.2)
    mechanize (0.9.3)
      nokogiri (>= 1.2.1)
    nokogiri (1.4.0)
    nokogiri (1.4.0-java)
    rspec (2.4.0)
      rspec-core (~> 2.4.0)
      rspec-expectations (~> 2.4.0)
      rspec-mocks (~> 2.4.0)
    rspec-core (2.4.0)
    rspec-expectations (2.4.0)
      diff-lcs (~> 1.1.2)
    rspec-mocks (2.4.0)

PLATFORMS
  java
  ruby

DEPENDENCIES
  mechanize (= 0.9.3)
  nokogiri (= 1.4.0)
  rspec
