GEM
  remote: http://rubygems.org/
  specs:
    mechanize (0.9.3)
      nokogiri (>= 1.2.1)
    nokogiri (1.4.0)
    nokogiri (1.4.0-java)

PLATFORMS
  java
  ruby

DEPENDENCIES
  mechanize (= 0.9.3)
  nokogiri (= 1.4.0)
